{
    "AcquisitionDateTime": "2019-05-27T15:32:45.870000",
    "AcquisitionMatrixPE": 52,
    "AcquisitionNumber": 1,
    "AcquisitionTime": "15:32:45.870000",
    "BandwidthPerPixelPhaseEncode": 56.561,
    "BaseResolution": 80,
    "BodyPartExamined": "BRAIN",
    "ConsistencyInfo": "N4_VE11B_LATEST_20150530",
    "ConversionSoftware": "dcm2niix",
    "ConversionSoftwareVersion": "v1.0.20181114  (JP2:OpenJPEG) GCC4.8.4",
    "DerivedVendorReportedEchoSpacing": 0.000663001,
    "DeviceSerialNumber": "67025",
    "DwellTime": 5.7e-06,
    "EchoTime": 0.018,
    "EchoTrainLength": 15,
    "EffectiveEchoSpacing": 0.000221,
    "FlipAngle": 75,
    "ImageOrientationPatientDICOM": [
        0.999868,
        -0.010822,
        0.0120971,
        0.0123908,
        0.990326,
        -0.138203
    ],
    "ImageType": [
        "ORIGINAL",
        "PRIMARY",
        "M",
        "TE1",
        "ND",
        "MOSAIC"
    ],
    "ImagingFrequency": 123.225,
    "InPlanePhaseEncodingDirectionDICOM": "ROW",
    "InstitutionAddress": "McClintock_3520A_Los_Angeles_SVC0e0594213b1104_CA_US_90089",
    "InstitutionName": "USC",
    "InstitutionalDepartmentName": "Department",
    "MRAcquisitionType": "2D",
    "MagneticFieldStrength": 3,
    "Manufacturer": "Siemens",
    "ManufacturersModelName": "Prisma_fit",
    "Modality": "MR",
    "ParallelReductionFactorInPlane": 3,
    "PartialFourier": 0.875,
    "PatientBirthDate": "1994-01-01",
    "PatientID": "19.05.27-14:22:33-DST-1.3.12.2.1107.5.2.43.67025",
    "PatientName": "10732MM",
    "PatientPosition": "HFS",
    "PatientSex": "F",
    "PatientWeight": 52.1631,
    "PercentPhaseFOV": 65,
    "PhaseEncodingDirection": "i",
    "PhaseEncodingSteps": 45,
    "PhaseResolution": 1,
    "PixelBandwidth": 1095,
    "ProcedureStepDescription": "post",
    "ProtocolName": "Task2",
    "PulseSequenceDetails": "%CustomerSeq%_cmrr_mbep2d_bold",
    "ReceiveCoilActiveElements": "HEA;HEP",
    "ReceiveCoilName": "Head_32",
    "ReconMatrixPE": 80,
    "RepetitionTime": 2.4,
    "SAR": 0.0254681,
    "ScanOptions": "PFP_FS",
    "ScanningSequence": "EP",
    "SequenceName": "epfid2d3_52",
    "SequenceVariant": "SK_SS",
    "SeriesDescription": "Task2",
    "SeriesInstanceUID": "1.3.12.2.1107.5.2.43.67025.2019052715323056281675859.0.0.0",
    "SeriesNumber": 13,
    "ShimSetting": [
        -7827,
        -10236,
        11762,
        560,
        32,
        327,
        -62,
        -3
    ],
    "SliceThickness": 3,
    "SliceTiming": [
        1.19,
        0,
        1.2675,
        0.0775,
        1.3475,
        0.1575,
        1.4275,
        0.2375,
        1.5075,
        0.3175,
        1.585,
        0.395,
        1.665,
        0.475,
        1.745,
        0.555,
        1.8225,
        0.635,
        1.9025,
        0.7125,
        1.9825,
        0.7925,
        2.0625,
        0.8725,
        2.14,
        0.95,
        2.22,
        1.03,
        2.3,
        1.11
    ],
    "SoftwareVersions": "syngo_MR_E11",
    "SpacingBetweenSlices": 3.99,
    "StationName": "MRC35039",
    "StudyID": "1",
    "StudyInstanceUID": "1.3.12.2.1107.5.2.43.67025.30000019052716484815500000004",
    "TaskName": "ultimatumGame",
    "TotalReadoutTime": 0.017459,
    "TxRefAmp": 228.906,
    "WipMemBlock": "47721f28-377f-4ed5-af37-b918d84638ca||Sequence: R016 ve11b/master r/d985c4e; Nov 27 2017 16:19:23 by eja"
}