{
    "AcquisitionMatrix": [
        0,
        512,
        384,
        0
    ],
    "AcquisitionMatrixPE": 384,
    "AcquisitionNumber": 1,
    "AcquisitionTime": "15:19:42.657500",
    "BaseResolution": 512,
    "BodyPartExamined": "BRAIN",
    "Columns": 512,
    "ConsistencyInfo": "N4_VE11B_LATEST_20150530",
    "ConversionSoftware": "dcm2niix",
    "ConversionSoftwareVersion": "v1.0.20200331",
    "DeviceSerialNumber": "67025",
    "DwellTime": 3.4e-06,
    "EchoTime": 0.012,
    "EchoTrainLength": 3,
    "FlipAngle": 120,
    "ImageOrientationPatientDICOM": [
        0.994304,
        0.0935952,
        -0.050978,
        -0.0859412,
        0.986993,
        0.135864
    ],
    "ImageType": [
        "ORIGINAL",
        "PRIMARY",
        "M",
        "ND",
        "NORM"
    ],
    "ImagingFrequency": 123.225,
    "InPlanePhaseEncodingDirection": "ROW",
    "InPlanePhaseEncodingDirectionDICOM": "ROW",
    "InstitutionAddress": "McClintock_3520A_Los_Angeles_SVC0e0594213b1104_CA_US_90089",
    "InstitutionName": "USC",
    "InstitutionalDepartmentName": "Department",
    "MRAcquisitionType": "2D",
    "MagneticFieldStrength": 3,
    "Manufacturer": "Siemens",
    "ManufacturersModelName": "Prisma_fit",
    "Modality": "MR",
    "PartialFourier": 1,
    "PatientPosition": "HFS",
    "PercentPhaseFOV": 100,
    "PercentPhaseFieldOfView": 100,
    "PercentSampling": 75,
    "PhaseEncodingDirection": "i",
    "PhaseEncodingSteps": 444,
    "PhaseOversampling": 0.15,
    "PhaseResolution": 0.75,
    "PixelBandwidth": 285,
    "PixelSpacing": [
        0.4296875,
        0.4296875
    ],
    "ProcedureStepDescription": "Mara_Kaoru",
    "ProtocolName": "T1-FSE-JC1b",
    "PulseSequenceDetails": "%SiemensSeq%_tse",
    "ReceiveCoilActiveElements": "HEA;HEP",
    "ReceiveCoilName": "Head_32",
    "ReconMatrixPE": 512,
    "RepetitionTime": 0.75,
    "Rows": 512,
    "SAR": 0.356096,
    "ScanningSequence": "SE",
    "SequenceName": "_tse2d1rs3",
    "SequenceVariant": "SK_SP_OSP",
    "SeriesDescription": "T1-FSE-JC1b",
    "SeriesNumber": 13,
    "ShimSetting": [
        -7810,
        -10293,
        11534,
        108,
        7,
        4,
        -21,
        3
    ],
    "SliceThickness": 2.5,
    "SliceTiming": [
        0,
        0.40625,
        0.0625,
        0.48438,
        0.14062,
        0.54688,
        0.20312,
        0.60938,
        0.28125,
        0.6875,
        0.34375
    ],
    "SoftwareVersions": "syngo_MR_E11",
    "SpacingBetweenSlices": 3.5,
    "StationName": "MRC35039",
    "TxRefAmp": 247.838
}