{
    "AcquisitionDateTime": "2019-03-21T14:29:54.705000",
    "AcquisitionMatrixPE": 52,
    "AcquisitionNumber": 1,
    "AcquisitionTime": "14:29:54.705000",
    "BandwidthPerPixelPhaseEncode": 56.561,
    "BaseResolution": 80,
    "BodyPartExamined": "BRAIN",
    "ConsistencyInfo": "N4_VE11B_LATEST_20150530",
    "ConversionSoftware": "dcm2niix",
    "ConversionSoftwareVersion": "v1.0.20181114  (JP2:OpenJPEG) GCC4.8.4",
    "DerivedVendorReportedEchoSpacing": 0.000663001,
    "DeviceSerialNumber": "67025",
    "DwellTime": 5.7e-06,
    "EchoNumber": 2,
    "EchoTime": 0.03559,
    "EchoTrainLength": 15,
    "EffectiveEchoSpacing": 0.000221,
    "FlipAngle": 75,
    "ImageOrientationPatientDICOM": [
        0.993275,
        -0.0463123,
        0.106116,
        0.0612733,
        0.987914,
        -0.14238
    ],
    "ImageType": [
        "ORIGINAL",
        "PRIMARY",
        "M",
        "TE2",
        "ND",
        "MOSAIC"
    ],
    "ImagingFrequency": 123.225,
    "InPlanePhaseEncodingDirectionDICOM": "ROW",
    "InstitutionAddress": "McClintock_3520A_Los_Angeles_SVC0e0594213b1104_CA_US_90089",
    "InstitutionName": "USC",
    "InstitutionalDepartmentName": "Department",
    "MRAcquisitionType": "2D",
    "MagneticFieldStrength": 3,
    "Manufacturer": "Siemens",
    "ManufacturersModelName": "Prisma_fit",
    "Modality": "MR",
    "ParallelReductionFactorInPlane": 3,
    "PartialFourier": 0.875,
    "PatientBirthDate": "1999-01-01",
    "PatientID": "19.03.21-13:41:56-DST-1.3.12.2.1107.5.2.43.67025",
    "PatientName": "10569MM",
    "PatientPosition": "HFS",
    "PatientSex": "M",
    "PatientWeight": 77.1107,
    "PercentPhaseFOV": 65,
    "PhaseEncodingDirection": "i",
    "PhaseEncodingSteps": 45,
    "PhaseResolution": 1,
    "PixelBandwidth": 1095,
    "ProcedureStepDescription": "post",
    "ProtocolName": "Task2",
    "PulseSequenceDetails": "%CustomerSeq%_cmrr_mbep2d_bold",
    "ReceiveCoilActiveElements": "HEA;HEP",
    "ReceiveCoilName": "Head_32",
    "ReconMatrixPE": 80,
    "RepetitionTime": 2.4,
    "SAR": 0.0276535,
    "ScanOptions": "PFP_FS",
    "ScanningSequence": "EP",
    "SequenceName": "epfid2d3_52",
    "SequenceVariant": "SK_SS",
    "SeriesDescription": "Task2",
    "SeriesInstanceUID": "1.3.12.2.1107.5.2.43.67025.2019032114293959493395444.0.0.0",
    "SeriesNumber": 10,
    "ShimSetting": [
        -7792,
        -10327,
        11775,
        439,
        57,
        -95,
        -62,
        13
    ],
    "SliceThickness": 3,
    "SliceTiming": [
        1.19,
        0,
        1.2675,
        0.0775,
        1.3475,
        0.1575,
        1.4275,
        0.2375,
        1.5075,
        0.3175,
        1.585,
        0.395,
        1.665,
        0.475,
        1.745,
        0.555,
        1.825,
        0.635,
        1.9025,
        0.7125,
        1.9825,
        0.7925,
        2.0625,
        0.8725,
        2.14,
        0.95,
        2.22,
        1.03,
        2.3,
        1.11
    ],
    "SoftwareVersions": "syngo_MR_E11",
    "SpacingBetweenSlices": 3.99,
    "StationName": "MRC35039",
    "StudyID": "1",
    "StudyInstanceUID": "1.3.12.2.1107.5.2.43.67025.30000019032115364636700000010",
    "TaskName": "ultimatumGame",
    "TotalReadoutTime": 0.017459,
    "TxRefAmp": 259.126,
    "WipMemBlock": "0630d474-bdea-4846-9f51-573f849cb53e||Sequence: R016 ve11b/master r/d985c4e; Nov 27 2017 16:19:23 by eja"
}