{
    "AcquisitionDateTime": "2019-06-18T14:32:44.860000",
    "AcquisitionMatrixPE": 63,
    "AcquisitionNumber": 1,
    "AcquisitionTime": "14:32:44.860000",
    "AcquisitionVoxelSize": [
        2.5,
        2.5,
        3.0
    ],
    "ArterialSpinLabelingType": "PCASL",
    "BackgroundSuppression": true,
    "BaseResolution": 96,
    "BodyPartExamined": "BRAIN",
    "ConsistencyInfo": "N4_VE11B_LATEST_20150530",
    "ConversionSoftware": "dcm2niix",
    "ConversionSoftwareVersion": "v1.0.20181114  (JP2:OpenJPEG) GCC4.8.4",
    "DeviceSerialNumber": "67025",
    "DwellTime": 2.1e-06,
    "EchoTime": 0.03648,
    "EchoTrainLength": 63,
    "FlipAngle": 120,
    "ImageOrientationPatientDICOM": [
        0.999912,
        -0.00297684,
        -0.0129165,
        3.91987e-08,
        0.974456,
        -0.224577
    ],
    "ImageType": [
        "ORIGINAL",
        "PRIMARY",
        "ASL",
        "NONE",
        "ND",
        "MOSAIC"
    ],
    "ImagingFrequency": 123.225,
    "InPlanePhaseEncodingDirectionDICOM": "COL",
    "InstitutionAddress": "McClintock_3520A_Los_Angeles_SVC0e0594213b1104_CA_US_90089",
    "InstitutionName": "USC",
    "InstitutionalDepartmentName": "Department",
    "LabelingDuration": 1.517,
    "M0Type": "Separate",
    "MRAcquisitionType": "3D",
    "MagneticFieldStrength": 3,
    "Manufacturer": "Siemens",
    "ManufacturersModelName": "Prisma_fit",
    "Modality": "MR",
    "MultibandAccelerationFactor": 40,
    "PartialFourier": 1,
    "PatientBirthDate": "1952-01-01",
    "PatientID": "19.06.18-14:05:09-DST-1.3.12.2.1107.5.2.43.67025",
    "PatientName": "10798MM",
    "PatientPosition": "HFS",
    "PatientSex": "F",
    "PatientWeight": 71.3841,
    "PercentPhaseFOV": 100,
    "PhaseEncodingSteps": 63,
    "PhaseResolution": 0.65625,
    "PixelBandwidth": 2480,
    "PostLabelingDelay": 1.8,
    "ProcedureStepDescription": "pre",
    "ProtocolName": "ASL",
    "PulseSequenceDetails": "%CustomerSeq%_tgse_pcasl_ve11b",
    "PulseSequenceType": "ASL",
    "ReceiveCoilActiveElements": "HEA;HEP",
    "ReceiveCoilName": "Head_32",
    "ReconMatrixPE": 96,
    "RepetitionTime": 3.88,
    "RepetitionTimeExcitation": 0.00053,
    "RepetitionTimePreparation": 3.88,
    "SAR": 0.0895634,
    "ScanOptions": "FS",
    "ScanningSequence": "EP",
    "SequenceName": "tgse3d1_3024",
    "SequenceVariant": "SK",
    "SeriesDescription": "ASL",
    "SeriesInstanceUID": "1.3.12.2.1107.5.2.43.67025.2019061814323378840868743.0.0.0",
    "SeriesNumber": 7,
    "ShimSetting": [
        -7817,
        -10279,
        11726,
        275,
        -61,
        244,
        59,
        2
    ],
    "SliceThickness": 3,
    "SliceTiming": [
        0,
        0,
        0,
        0,
        0,
        0,
        0,
        0,
        0,
        0,
        0,
        0,
        0,
        0,
        0,
        0,
        0,
        0,
        0,
        0,
        0,
        0,
        0,
        0,
        0,
        0,
        0,
        0,
        0,
        0,
        0,
        0,
        0,
        0,
        0,
        0,
        0,
        0,
        0,
        0
    ],
    "SoftwareVersions": "syngo_MR_E11",
    "SpacingBetweenSlices": 3,
    "StationName": "MRC35039",
    "StudyID": "1",
    "StudyInstanceUID": "1.3.12.2.1107.5.2.43.67025.30000019061816260831900000013",
    "TotalAcquiredPairs": 10,
    "TxRefAmp": 242.175,
    "fslhd": {
        "bitpix": 16,
        "byteorder": "LSB_FIRST",
        "cal_max": 0.0,
        "cal_min": 0.0,
        "data_type": "INT16",
        "datatype": 4,
        "datatype_name": "INT16",
        "descrip": {
            "TE": 36,
            "Time": 143244.86,
            "mb": 40,
            "phase": 1
        },
        "dim0": 4,
        "dim1": 96,
        "dim2": 96,
        "dim3": 40,
        "dim4": 12,
        "dim5": 1,
        "dim6": 1,
        "dim7": 1,
        "dt": 3.88,
        "dx": 2.5,
        "dy": 2.5,
        "dz": 3,
        "file_code": 1,
        "file_type": "NIFTI-1+",
        "filename": "/flywheel/v0/input/nifti/1.3.12.2.1107.5.2.43.67025.2019061814323378840868743.0.0.0.nii.gz",
        "freq_dim": 1,
        "header_filename": "/flywheel/v0/input/nifti/1.3.12.2.1107.5.2.43.67025.2019061814323378840868743.0.0.0.nii.gz",
        "image_filename": "/flywheel/v0/input/nifti/1.3.12.2.1107.5.2.43.67025.2019061814323378840868743.0.0.0.nii.gz",
        "image_offset": 352,
        "intent": "Unknown",
        "intent_code": 0,
        "intent_p1": 0.0,
        "intent_p2": 0.0,
        "intent_p3": 0.0,
        "nbyper": 2,
        "ndim": 4,
        "nifti_type": "NIFTI-1+",
        "nt": 12,
        "num_ext": 0,
        "nvox": 4423680,
        "nx": 96,
        "ny": 96,
        "nz": 40,
        "phase_dim": 2,
        "pixdim0": 0.0,
        "pixdim1": 2.5,
        "pixdim2": 2.5,
        "pixdim3": 3.0,
        "pixdim4": 3.88,
        "pixdim5": 0.0,
        "pixdim6": 0.0,
        "pixdim7": 0.0,
        "qfac": -1,
        "qform_code": 1,
        "qform_code_name": "Scanner Anat",
        "qform_i_orientation": "Right-to-Left",
        "qform_j_orientation": "Posterior-to-Anterior",
        "qform_k_orientation": "Inferior-to-Superior",
        "qform_xorient": "Right-to-Left",
        "qform_yorient": "Posterior-to-Anterior",
        "qform_zorient": "Inferior-to-Superior",
        "qoffset_x": 120.91,
        "qoffset_y": -101.144,
        "qoffset_z": -54.7915,
        "qto_ijk_matrix": "-0.399965 0.00119039 -0.0051636 48.1971 3.58666e-07 0.389783 0.0898309 44.3463 -0.00441586 -0.0748525 0.32479 10.7588 0 0 0 1",
        "qto_xyz_matrix": "-2.49978 2.24139e-06 -0.0397428 120.91 0.00743995 2.43614 -0.673672 -101.144 -0.0322725 0.561443 2.92311 -54.7915 0 0 0 1",
        "quatern_b": 0.000749034,
        "quatern_c": 0.993572,
        "quatern_d": 0.11301,
        "scl_inter": 0.0,
        "scl_slope": 1.0,
        "sform_code": 1,
        "sform_code_name": "Scanner Anat",
        "sform_i_orientation": "Right-to-Left",
        "sform_j_orientation": "Posterior-to-Anterior",
        "sform_k_orientation": "Inferior-to-Superior",
        "sform_xorient": "Right-to-Left",
        "sform_yorient": "Posterior-to-Anterior",
        "sform_zorient": "Inferior-to-Superior",
        "sizeof_hdr": 348,
        "slice_code": 0,
        "slice_dim": 3,
        "slice_duration": 0.0,
        "slice_end": 0,
        "slice_name": "Unknown",
        "slice_start": 0,
        "sto_ijk matrix": "-0.399965 0.00119073 -0.00516661 48.197 1.56023e-08 0.389783 0.0898309 44.3463 -0.00441837 -0.0748525 0.32479 10.7591 0 0 0 1",
        "sto_xyz_matrix": "-2.49978 9.79967e-08 -0.0397654 120.91 0.00744209 2.43614 -0.673672 -101.144 -0.0322913 0.561443 2.92311 -54.7915 0 0 0 1",
        "time_offset": 0.0,
        "time_units": "s",
        "time_units_name": "s",
        "vox_offset": 352,
        "vox_units": "mm",
        "xyz_units": 2,
        "xyz_units_name": "mm"
    }
}