{
    "AcquisitionMatrixPE": 384,
    "AcquisitionNumber": 1,
    "AcquisitionTime": "11:53:15.687500",
    "BaseResolution": 512,
    "BodyPartExamined": "BRAIN",
    "ConsistencyInfo": "N4_VE11B_LATEST_20150530",
    "ConversionSoftware": "dcm2niix",
    "ConversionSoftwareVersion": "v1.0.20181114  GCC7.3.0",
    "DeviceSerialNumber": "67025",
    "DwellTime": 3.4e-06,
    "EchoTime": 0.012,
    "EchoTrainLength": 3,
    "FlipAngle": 120,
    "ImageOrientationPatientDICOM": [
        0.997592,
        -0.0237706,
        0.0651527,
        1.50189e-10,
        0.939429,
        0.342745
    ],
    "ImageType": [
        "ORIGINAL",
        "PRIMARY",
        "M",
        "ND",
        "NORM"
    ],
    "ImagingFrequency": 123.225,
    "InPlanePhaseEncodingDirectionDICOM": "ROW",
    "InstitutionAddress": "McClintock_3520A_Los_Angeles_SVC0e0594213b1104_CA_US_90089",
    "InstitutionName": "USC",
    "InstitutionalDepartmentName": "Department",
    "MRAcquisitionType": "2D",
    "MagneticFieldStrength": 3,
    "Manufacturer": "Siemens",
    "ManufacturersModelName": "Prisma_fit",
    "Modality": "MR",
    "PartialFourier": 1,
    "PatientPosition": "HFS",
    "PercentPhaseFOV": 100,
    "PhaseEncodingDirection": "i",
    "PhaseEncodingSteps": 444,
    "PhaseOversampling": 0.15,
    "PhaseResolution": 0.75,
    "PixelBandwidth": 285,
    "ProcedureStepDescription": "Mara_Kaoru",
    "ProtocolName": "T1-FSE-JC1b",
    "PulseSequenceDetails": "%SiemensSeq%_tse",
    "ReceiveCoilActiveElements": "HEA;HEP",
    "ReceiveCoilName": "Head_32",
    "ReconMatrixPE": 512,
    "RepetitionTime": 0.75,
    "SAR": 0.304019,
    "ScanningSequence": "SE",
    "SequenceName": "_tse2d1rs3",
    "SequenceVariant": "SK_SP_OSP",
    "SeriesDescription": "T1-FSE-JC1b",
    "SeriesNumber": 14,
    "ShimSetting": [
        -7813,
        -10292,
        11536,
        105,
        7,
        12,
        -24,
        1
    ],
    "SliceThickness": 2.5,
    "SoftwareVersions": "syngo_MR_E11",
    "SpacingBetweenSlices": 3.5,
    "StationName": "MRC35039",
    "TxRefAmp": 238.257
}