{
    "AcquisitionDateTime": "2018-08-28T11:14:30.492500",
    "AcquisitionMatrixPE": 52,
    "AcquisitionNumber": 1,
    "AcquisitionTime": "11:14:30.492500",
    "BandwidthPerPixelPhaseEncode": 56.561,
    "BaseResolution": 80,
    "BodyPartExamined": "BRAIN",
    "ConsistencyInfo": "N4_VE11B_LATEST_20150530",
    "ConversionSoftware": "dcm2niix",
    "ConversionSoftwareVersion": "v1.0.20180328 (OpenJPEG build) GCC4.8.4",
    "DerivedVendorReportedEchoSpacing": 0.000663001,
    "DeviceSerialNumber": "67025",
    "DwellTime": 5.7e-06,
    "EchoNumber": 3,
    "EchoTime": 0.05318,
    "EchoTrainLength": 15,
    "EffectiveEchoSpacing": 0.000221,
    "FlipAngle": 75,
    "ImageOrientationPatientDICOM": [
        0.99851,
        0.00752332,
        0.0540435,
        -0.0104568,
        0.998475,
        0.0542032
    ],
    "ImageType": [
        "ORIGINAL",
        "PRIMARY",
        "M",
        "TE3",
        "ND",
        "MOSAIC"
    ],
    "InPlanePhaseEncodingDirectionDICOM": "ROW",
    "InstitutionAddress": "McClintock_3520A_Los_Angeles_SVC0e0594213b1104_CA_US_90089",
    "InstitutionName": "USC",
    "InstitutionalDepartmentName": "Department",
    "MRAcquisitionType": "2D",
    "MagneticFieldStrength": 3,
    "Manufacturer": "Siemens",
    "ManufacturersModelName": "Prisma_fit",
    "Modality": "MR",
    "ParallelReductionFactorInPlane": 3,
    "PartialFourier": 0.875,
    "PatientID": "18.08.28-10:16:12-DST-1.3.12.2.1107.5.2.43.67025",
    "PatientName": "10137MM",
    "PatientPosition": "HFS",
    "PatientSex": "F",
    "PatientWeight": 75.2963,
    "PercentPhaseFOV": 65,
    "PhaseEncodingDirection": "i",
    "PhaseEncodingSteps": 45,
    "PhaseResolution": 1,
    "PixelBandwidth": 1095,
    "ProcedureStepDescription": "Mara_Kaoru",
    "ProtocolName": "Task2",
    "PulseSequenceDetails": "%CustomerSeq%_cmrr_mbep2d_bold",
    "ReceiveCoilActiveElements": "HEA;HEP",
    "ReceiveCoilName": "Head_32",
    "ReconMatrixPE": 80,
    "RepetitionTime": 2.4,
    "SAR": 0.02204,
    "ScanOptions": "PFP_FS",
    "ScanningSequence": "EP",
    "SequenceName": "epfid2d3_52",
    "SequenceVariant": "SK_SS",
    "SeriesDescription": "Task2",
    "SeriesInstanceUID": "1.3.12.2.1107.5.2.43.67025.2018082811141139291649971.0.0.0",
    "SeriesNumber": 13,
    "ShimSetting": [
        -7770,
        -10233,
        11735,
        568,
        85,
        226,
        -162,
        -15
    ],
    "SliceThickness": 3,
    "SliceTiming": [
        1.19,
        0,
        1.2675,
        0.0775,
        1.3475,
        0.1575,
        1.4275,
        0.2375,
        1.5075,
        0.3175,
        1.585,
        0.395,
        1.665,
        0.475,
        1.745,
        0.555,
        1.8225,
        0.6325,
        1.9025,
        0.7125,
        1.9825,
        0.7925,
        2.0625,
        0.8725,
        2.14,
        0.95,
        2.22,
        1.03,
        2.3,
        1.11
    ],
    "SoftwareVersions": "syngo_MR_E11",
    "SpacingBetweenSlices": 3.99,
    "StationName": "MRC35039",
    "StudyID": "1",
    "StudyInstanceUID": "1.3.12.2.1107.5.2.43.67025.30000018082815551315800000004",
    "TaskName": "ultimatumGame",
    "TotalReadoutTime": 0.017459,
    "TxRefAmp": 240.311
}