{
    "AcquisitionDateTime": "2019-08-07T14:48:3.647500",
    "AcquisitionMatrixPE": 52,
    "AcquisitionNumber": 1,
    "AcquisitionTime": "14:48:3.647500",
    "BandwidthPerPixelPhaseEncode": 56.561,
    "BaseResolution": 80,
    "BodyPartExamined": "BRAIN",
    "ConsistencyInfo": "N4_VE11B_LATEST_20150530",
    "ConversionSoftware": "dcm2niix",
    "ConversionSoftwareVersion": "v1.0.20190410  (JP2:OpenJPEG) GCC4.8.4",
    "DerivedVendorReportedEchoSpacing": 0.00102,
    "DeviceSerialNumber": "67025",
    "DwellTime": 5.7e-06,
    "EchoNumber": 3,
    "EchoTime": 0.05318,
    "EchoTrainLength": 15,
    "EffectiveEchoSpacing": 0.000340001,
    "FlipAngle": 75,
    "ImageOrientationPatientDICOM": [
        0.995076,
        -0.0248533,
        0.0959463,
        0.0370095,
        0.991202,
        -0.127078
    ],
    "ImageType": [
        "ORIGINAL",
        "PRIMARY",
        "M",
        "TE3",
        "ND",
        "MOSAIC"
    ],
    "ImagingFrequency": 123.225,
    "InPlanePhaseEncodingDirectionDICOM": "ROW",
    "InstitutionAddress": "McClintock_3520A_Los_Angeles_SVC0e0594213b1104_CA_US_90089",
    "InstitutionName": "USC",
    "InstitutionalDepartmentName": "Department",
    "MRAcquisitionType": "2D",
    "MagneticFieldStrength": 3,
    "Manufacturer": "Siemens",
    "ManufacturersModelName": "Prisma_fit",
    "Modality": "MR",
    "ParallelReductionFactorInPlane": 3,
    "PartialFourier": 0.875,
    "PatientBirthDate": "1963-01-01",
    "PatientID": "19.08.07-14:10:52-DST-1.3.12.2.1107.5.2.43.67025",
    "PatientName": "10919MM",
    "PatientPosition": "HFS",
    "PatientSex": "F",
    "PatientWeight": 97.5791,
    "PercentPhaseFOV": 65,
    "PhaseEncodingDirection": "i",
    "PhaseEncodingSteps": 45,
    "PhaseResolution": 1,
    "PixelBandwidth": 1095,
    "ProcedureStepDescription": "post",
    "ProtocolName": "ER",
    "PulseSequenceDetails": "%CustomerSeq%_cmrr_mbep2d_bold",
    "ReceiveCoilActiveElements": "HEA;HEP",
    "ReceiveCoilName": "Head_32",
    "ReconMatrixPE": 52,
    "RefLinesPE": 36,
    "RepetitionTime": 2.4,
    "SAR": 0.0278693,
    "ScanOptions": "PFP_FS",
    "ScanningSequence": "EP",
    "SequenceName": "epfid2d3_52",
    "SequenceVariant": "SK_SS",
    "SeriesDescription": "ER",
    "SeriesInstanceUID": "1.3.12.2.1107.5.2.43.67025.2019080714474925606015948.0.0.0",
    "SeriesNumber": 8,
    "ShimSetting": [
        -7783,
        -10370,
        11819,
        361,
        21,
        -108,
        16,
        63
    ],
    "SliceThickness": 3,
    "SliceTiming": [
        1.19,
        0,
        1.27,
        0.08,
        1.35,
        0.16,
        1.4275,
        0.2375,
        1.5075,
        0.3175,
        1.5875,
        0.3975,
        1.665,
        0.4775,
        1.745,
        0.555,
        1.825,
        0.635,
        1.905,
        0.715,
        1.9825,
        0.7925,
        2.0625,
        0.8725,
        2.1425,
        0.9525,
        2.2225,
        1.0325,
        2.3,
        1.11
    ],
    "SoftwareVersions": "syngo_MR_E11",
    "SpacingBetweenSlices": 3.99,
    "StationName": "MRC35039",
    "StudyID": "1",
    "StudyInstanceUID": "1.3.12.2.1107.5.2.43.67025.30000019080715391411600000007",
    "TaskName": "emotionRegulation",
    "TotalReadoutTime": 0.01734,
    "TxRefAmp": 284.911,
    "WipMemBlock": "bc16deb6-46d9-45f3-a626-c8a6927ec48c||Sequence: R016 ve11b/master r/d985c4e; Nov 27 2017 16:19:23 by eja"
}