{
    "AcquisitionDateTime": "2018-11-06T15:14:52.240000",
    "AcquisitionMatrixPE": 52,
    "AcquisitionNumber": 1,
    "AcquisitionTime": "15:14:52.240000",
    "BandwidthPerPixelPhaseEncode": 56.561,
    "BaseResolution": 80,
    "BodyPartExamined": "BRAIN",
    "ConsistencyInfo": "N4_VE11B_LATEST_20150530",
    "ConversionSoftware": "dcm2niix",
    "ConversionSoftwareVersion": "v1.0.20180918  (JP2:OpenJPEG) GCC4.8.4",
    "DerivedVendorReportedEchoSpacing": 0.000663001,
    "DeviceSerialNumber": "67025",
    "DwellTime": 5.7e-06,
    "EchoTime": 0.018,
    "EchoTrainLength": 15,
    "EffectiveEchoSpacing": 0.000221,
    "FlipAngle": 75,
    "ImageOrientationPatientDICOM": [
        0.999344,
        0.0332451,
        0.0143525,
        -0.0340247,
        0.997736,
        0.0580105
    ],
    "ImageType": [
        "ORIGINAL",
        "PRIMARY",
        "M",
        "TE1",
        "ND",
        "MOSAIC"
    ],
    "InPlanePhaseEncodingDirectionDICOM": "ROW",
    "InstitutionAddress": "McClintock_3520A_Los_Angeles_SVC0e0594213b1104_CA_US_90089",
    "InstitutionName": "USC",
    "InstitutionalDepartmentName": "Department",
    "MRAcquisitionType": "2D",
    "MagneticFieldStrength": 3,
    "Manufacturer": "Siemens",
    "ManufacturersModelName": "Prisma_fit",
    "Modality": "MR",
    "ParallelReductionFactorInPlane": 3,
    "PartialFourier": 0.875,
    "PatientID": "18.11.06-14:48:18-STD-1.3.12.2.1107.5.2.43.67025",
    "PatientName": "10284MM",
    "PatientPosition": "HFS",
    "PatientSex": "F",
    "PatientWeight": 58.5134,
    "PercentPhaseFOV": 65,
    "PhaseEncodingDirection": "i",
    "PhaseEncodingSteps": 45,
    "PhaseResolution": 1,
    "PixelBandwidth": 1095,
    "ProcedureStepDescription": "Mara_Kaoru",
    "ProtocolName": "Resting_State",
    "PulseSequenceDetails": "%CustomerSeq%_cmrr_mbep2d_bold",
    "ReceiveCoilActiveElements": "HEA;HEP",
    "ReceiveCoilName": "Head_32",
    "ReconMatrixPE": 80,
    "RepetitionTime": 2.4,
    "SAR": 0.0229653,
    "ScanOptions": "PFP_FS",
    "ScanningSequence": "EP",
    "SequenceName": "epfid2d3_52",
    "SequenceVariant": "SK_SS",
    "SeriesDescription": "Resting_State",
    "SeriesInstanceUID": "1.3.12.2.1107.5.2.43.67025.2018110615143794898129887.0.0.0",
    "SeriesNumber": 9,
    "ShimSetting": [
        -7835,
        -10255,
        11622,
        500,
        -123,
        56,
        -407,
        4
    ],
    "SliceThickness": 3,
    "SliceTiming": [
        1.19,
        0,
        1.27,
        0.08,
        1.35,
        0.16,
        1.4275,
        0.2375,
        1.5075,
        0.3175,
        1.5875,
        0.3975,
        1.6675,
        0.4775,
        1.745,
        0.555,
        1.825,
        0.635,
        1.905,
        0.715,
        1.9825,
        0.7925,
        2.0625,
        0.8725,
        2.1425,
        0.9525,
        2.2225,
        1.0325,
        2.3,
        1.11
    ],
    "SoftwareVersions": "syngo_MR_E11",
    "SpacingBetweenSlices": 3.99,
    "StationName": "MRC35039",
    "StudyID": "1",
    "StudyInstanceUID": "1.3.12.2.1107.5.2.43.67025.30000018110616390189300000013",
    "TaskName": "rest",
    "TotalReadoutTime": 0.017459,
    "TxRefAmp": 231.099,
    "WipMemBlock": "8d956088-9c20-4ceb-88c8-da6c4075564b||Sequence: R016 ve11b/master r/d985c4e; Nov 27 2017 16:19:23 by eja"
}