{
    "AcquisitionDateTime": "2019-09-25T14:19:37.182500",
    "AcquisitionMatrixPE": 52,
    "AcquisitionNumber": 1,
    "AcquisitionTime": "14:19:37.182500",
    "BandwidthPerPixelPhaseEncode": 56.561,
    "BaseResolution": 80,
    "BodyPartExamined": "BRAIN",
    "ConsistencyInfo": "N4_VE11B_LATEST_20150530",
    "ConversionSoftware": "dcm2niix",
    "ConversionSoftwareVersion": "v1.0.20190410  (JP2:OpenJPEG) GCC4.8.4",
    "DerivedVendorReportedEchoSpacing": 0.00102,
    "DeviceSerialNumber": "67025",
    "DwellTime": 5.7e-06,
    "EchoNumber": 3,
    "EchoTime": 0.05318,
    "EchoTrainLength": 15,
    "EffectiveEchoSpacing": 0.000340001,
    "FlipAngle": 75,
    "ImageOrientationPatientDICOM": [
        0.998619,
        0.00756374,
        0.0519929,
        -0.0139443,
        0.99225,
        0.123476
    ],
    "ImageType": [
        "ORIGINAL",
        "PRIMARY",
        "M",
        "TE3",
        "ND",
        "MOSAIC"
    ],
    "ImagingFrequency": 123.225,
    "InPlanePhaseEncodingDirectionDICOM": "ROW",
    "InstitutionAddress": "McClintock_3520A_Los_Angeles_SVC0e0594213b1104_CA_US_90089",
    "InstitutionName": "USC",
    "InstitutionalDepartmentName": "Department",
    "MRAcquisitionType": "2D",
    "MagneticFieldStrength": 3,
    "Manufacturer": "Siemens",
    "ManufacturersModelName": "Prisma_fit",
    "Modality": "MR",
    "ParallelReductionFactorInPlane": 3,
    "PartialFourier": 0.875,
    "PatientBirthDate": "1955-01-01",
    "PatientID": "19.09.25-13:42:11-DST-1.3.12.2.1107.5.2.43.67025",
    "PatientName": "11029MM",
    "PatientPosition": "HFS",
    "PatientSex": "F",
    "PatientWeight": 53.5239,
    "PercentPhaseFOV": 65,
    "PhaseEncodingDirection": "i",
    "PhaseEncodingSteps": 45,
    "PhaseResolution": 1,
    "PixelBandwidth": 1095,
    "ProcedureStepDescription": "post",
    "ProtocolName": "ER",
    "PulseSequenceDetails": "%CustomerSeq%_cmrr_mbep2d_bold",
    "ReceiveCoilActiveElements": "HEA;HEP",
    "ReceiveCoilName": "Head_32",
    "ReconMatrixPE": 52,
    "RefLinesPE": 36,
    "RepetitionTime": 2.4,
    "SAR": 0.0247812,
    "ScanOptions": "PFP_FS",
    "ScanningSequence": "EP",
    "SequenceName": "epfid2d3_52",
    "SequenceVariant": "SK_SS",
    "SeriesDescription": "ER",
    "SeriesInstanceUID": "1.3.12.2.1107.5.2.43.67025.2019092514192313155005511.0.0.0",
    "SeriesNumber": 8,
    "ShimSetting": [
        -7795,
        -10322,
        11758,
        539,
        10,
        35,
        113,
        1
    ],
    "SliceThickness": 3,
    "SliceTiming": [
        1.19,
        0,
        1.27,
        0.08,
        1.35,
        0.16,
        1.43,
        0.24,
        1.5075,
        0.3175,
        1.5875,
        0.3975,
        1.6675,
        0.4775,
        1.7475,
        0.5575,
        1.825,
        0.635,
        1.905,
        0.715,
        1.985,
        0.795,
        2.0625,
        0.875,
        2.1425,
        0.9525,
        2.2225,
        1.0325,
        2.3025,
        1.1125
    ],
    "SoftwareVersions": "syngo_MR_E11",
    "SpacingBetweenSlices": 3.99,
    "StationName": "MRC35039",
    "StudyID": "1",
    "StudyInstanceUID": "1.3.12.2.1107.5.2.43.67025.30000019092516473201700000004",
    "TaskName": "emotionRegulation",
    "TotalReadoutTime": 0.01734,
    "TxRefAmp": 228.787,
    "WipMemBlock": "f4b2725e-d54a-418f-bb35-c3fa4095c2e0||Sequence: R016 ve11b/master r/d985c4e; Nov 27 2017 16:19:23 by eja"
}