{
    "AcquisitionDateTime": "2019-10-14T12:21:8.202500",
    "AcquisitionMatrixPE": 52,
    "AcquisitionNumber": 1,
    "AcquisitionTime": "12:21:8.202500",
    "BandwidthPerPixelPhaseEncode": 56.561,
    "BaseResolution": 80,
    "BodyPartExamined": "BRAIN",
    "ConsistencyInfo": "N4_VE11B_LATEST_20150530",
    "ConversionSoftware": "dcm2niix",
    "ConversionSoftwareVersion": "v1.0.20190410  (JP2:OpenJPEG) GCC4.8.4",
    "DerivedVendorReportedEchoSpacing": 0.00102,
    "DeviceSerialNumber": "67025",
    "DwellTime": 5.7e-06,
    "EchoNumber": 1,
    "EchoTime": 0.018,
    "EchoTrainLength": 15,
    "EffectiveEchoSpacing": 0.000340001,
    "FlipAngle": 75,
    "ImageOrientationPatientDICOM": [
        0.991895,
        0.0277679,
        0.123985,
        -0.0019043,
        0.978966,
        -0.204017
    ],
    "ImageType": [
        "ORIGINAL",
        "PRIMARY",
        "M",
        "TE1",
        "ND",
        "MOSAIC"
    ],
    "ImagingFrequency": 123.225,
    "InPlanePhaseEncodingDirectionDICOM": "ROW",
    "InstitutionAddress": "McClintock_3520A_Los_Angeles_SVC0e0594213b1104_CA_US_90089",
    "InstitutionName": "USC",
    "InstitutionalDepartmentName": "Department",
    "MRAcquisitionType": "2D",
    "MagneticFieldStrength": 3,
    "Manufacturer": "Siemens",
    "ManufacturersModelName": "Prisma_fit",
    "Modality": "MR",
    "ParallelReductionFactorInPlane": 3,
    "PartialFourier": 0.875,
    "PatientBirthDate": "1995-01-01",
    "PatientID": "19.10.14-11:34:35-DST-1.3.12.2.1107.5.2.43.67025",
    "PatientName": "11069MM",
    "PatientPosition": "HFS",
    "PatientSex": "F",
    "PatientWeight": 92.7597,
    "PercentPhaseFOV": 65,
    "PhaseEncodingDirection": "i",
    "PhaseEncodingSteps": 45,
    "PhaseResolution": 1,
    "PixelBandwidth": 1095,
    "ProcedureStepDescription": "post",
    "ProtocolName": "UG",
    "PulseSequenceDetails": "%CustomerSeq%_cmrr_mbep2d_bold",
    "ReceiveCoilActiveElements": "HEA;HEP",
    "ReceiveCoilName": "Head_32",
    "ReconMatrixPE": 52,
    "RefLinesPE": 36,
    "RepetitionTime": 2.4,
    "SAR": 0.0244657,
    "ScanOptions": "PFP_FS",
    "ScanningSequence": "EP",
    "SequenceName": "epfid2d3_52",
    "SequenceVariant": "SK_SS",
    "SeriesDescription": "UG",
    "SeriesInstanceUID": "1.3.12.2.1107.5.2.43.67025.2019101412205273322053724.0.0.0",
    "SeriesNumber": 13,
    "ShimSetting": [
        -7775,
        -10331,
        11787,
        622,
        57,
        43,
        -43,
        16
    ],
    "SliceThickness": 3,
    "SliceTiming": [
        1.19,
        0,
        1.27,
        0.08,
        1.3475,
        0.1575,
        1.4275,
        0.2375,
        1.5075,
        0.3175,
        1.5875,
        0.3975,
        1.665,
        0.475,
        1.745,
        0.555,
        1.825,
        0.635,
        1.905,
        0.715,
        1.9825,
        0.7925,
        2.0625,
        0.8725,
        2.1425,
        0.9525,
        2.22,
        1.03,
        2.3,
        1.11
    ],
    "SoftwareVersions": "syngo_MR_E11",
    "SpacingBetweenSlices": 3.99,
    "StationName": "MRC35039",
    "StudyID": "1",
    "StudyInstanceUID": "1.3.12.2.1107.5.2.43.67025.30000019101415220092300000004",
    "TaskName": "ultimatumGame",
    "TotalReadoutTime": 0.01734,
    "TxRefAmp": 269.402,
    "WipMemBlock": "5ad62a14-8ba2-4507-b132-19202841424b||Sequence: R016 ve11b/master r/d985c4e; Nov 27 2017 16:19:23 by eja"
}