{
    "AcquisitionDateTime": "2018-08-06T14:00:15.437500",
    "AcquisitionMatrixPE": 52,
    "AcquisitionNumber": 1,
    "AcquisitionTime": "14:00:15.437500",
    "BandwidthPerPixelPhaseEncode": 56.561,
    "BaseResolution": 80,
    "BodyPartExamined": "BRAIN",
    "ConsistencyInfo": "N4_VE11B_LATEST_20150530",
    "ConversionSoftware": "dcm2niix",
    "ConversionSoftwareVersion": "v1.0.20180328 (OpenJPEG build) GCC4.8.4",
    "DerivedVendorReportedEchoSpacing": 0.000663001,
    "DeviceSerialNumber": "67025",
    "DwellTime": 5.7e-06,
    "EchoNumber": 3,
    "EchoTime": 0.05318,
    "EchoTrainLength": 15,
    "EffectiveEchoSpacing": 0.000221,
    "FlipAngle": 75,
    "ImageOrientationPatientDICOM": [
        0.997051,
        0.00363775,
        0.0766504,
        -0.00504657,
        0.999822,
        0.0181942
    ],
    "ImageType": [
        "ORIGINAL",
        "PRIMARY",
        "M",
        "TE3",
        "ND",
        "MOSAIC"
    ],
    "InPlanePhaseEncodingDirectionDICOM": "ROW",
    "InstitutionAddress": "McClintock_3520A_Los_Angeles_SVC0e0594213b1104_CA_US_90089",
    "InstitutionName": "USC",
    "InstitutionalDepartmentName": "Department",
    "MRAcquisitionType": "2D",
    "MagneticFieldStrength": 3,
    "Manufacturer": "Siemens",
    "ManufacturersModelName": "Prisma_fit",
    "Modality": "MR",
    "ParallelReductionFactorInPlane": 3,
    "PartialFourier": 0.875,
    "PatientID": "18.08.06-13:39:44-DST-1.3.12.2.1107.5.2.43.67025",
    "PatientName": "10108MM",
    "PatientPosition": "HFS",
    "PatientSex": "F",
    "PatientWeight": 43.2047,
    "PercentPhaseFOV": 65,
    "PhaseEncodingDirection": "i",
    "PhaseEncodingSteps": 45,
    "PhaseResolution": 1,
    "PixelBandwidth": 1095,
    "ProcedureStepDescription": "Mara_Kaoru",
    "ProtocolName": "Task1",
    "PulseSequenceDetails": "%CustomerSeq%_cmrr_mbep2d_bold",
    "ReceiveCoilActiveElements": "HEA;HEP",
    "ReceiveCoilName": "Head_32",
    "ReconMatrixPE": 80,
    "RepetitionTime": 2.4,
    "SAR": 0.0260933,
    "ScanOptions": "PFP_FS",
    "ScanningSequence": "EP",
    "SequenceName": "epfid2d3_52",
    "SequenceVariant": "SK_SS",
    "SeriesDescription": "Task1",
    "SeriesInstanceUID": "1.3.12.2.1107.5.2.43.67025.201808061400003738772843.0.0.0",
    "SeriesNumber": 7,
    "ShimSetting": [
        -7769,
        -10391,
        11883,
        664,
        12,
        -83,
        -58,
        3
    ],
    "SliceThickness": 3,
    "SliceTiming": [
        1.19,
        0,
        1.27,
        0.08,
        1.35,
        0.16,
        1.4275,
        0.2375,
        1.5075,
        0.3175,
        1.5875,
        0.3975,
        1.6675,
        0.4775,
        1.745,
        0.555,
        1.825,
        0.635,
        1.905,
        0.715,
        1.9825,
        0.795,
        2.0625,
        0.8725,
        2.1425,
        0.9525,
        2.2225,
        1.0325,
        2.3,
        1.11
    ],
    "SoftwareVersions": "syngo_MR_E11",
    "SpacingBetweenSlices": 3.99,
    "StationName": "MRC35039",
    "StudyID": "1",
    "StudyInstanceUID": "1.3.12.2.1107.5.2.43.67025.30000018080615535969500000007",
    "TaskName": "emotionRegulation",
    "TotalReadoutTime": 0.017459,
    "TxRefAmp": 220.322
}