{
    "AcquisitionDateTime": "2018-11-14T11:37:42.202500",
    "AcquisitionMatrixPE": 52,
    "AcquisitionNumber": 1,
    "AcquisitionTime": "11:37:42.202500",
    "BandwidthPerPixelPhaseEncode": 56.561,
    "BaseResolution": 80,
    "BodyPartExamined": "BRAIN",
    "ConsistencyInfo": "N4_VE11B_LATEST_20150530",
    "ConversionSoftware": "dcm2niix",
    "ConversionSoftwareVersion": "v1.0.20180918  (JP2:OpenJPEG) GCC4.8.4",
    "DerivedVendorReportedEchoSpacing": 0.000663001,
    "DeviceSerialNumber": "67025",
    "DwellTime": 5.7e-06,
    "EchoTime": 0.018,
    "EchoTrainLength": 15,
    "EffectiveEchoSpacing": 0.000221,
    "FlipAngle": 75,
    "ImageOrientationPatientDICOM": [
        0.999569,
        -0.0162469,
        0.0244605,
        0.0164005,
        0.999847,
        -0.00609264
    ],
    "ImageType": [
        "ORIGINAL",
        "PRIMARY",
        "M",
        "TE1",
        "ND",
        "MOSAIC"
    ],
    "InPlanePhaseEncodingDirectionDICOM": "ROW",
    "InstitutionAddress": "McClintock_3520A_Los_Angeles_SVC0e0594213b1104_CA_US_90089",
    "InstitutionName": "USC",
    "InstitutionalDepartmentName": "Department",
    "MRAcquisitionType": "2D",
    "MagneticFieldStrength": 3,
    "Manufacturer": "Siemens",
    "ManufacturersModelName": "Prisma_fit",
    "Modality": "MR",
    "ParallelReductionFactorInPlane": 3,
    "PartialFourier": 0.875,
    "PatientID": "18.11.14-10:40:59-STD-1.3.12.2.1107.5.2.43.67025",
    "PatientName": "10294MM",
    "PatientPosition": "HFS",
    "PatientSex": "F",
    "PatientWeight": 41.3336,
    "PercentPhaseFOV": 65,
    "PhaseEncodingDirection": "i",
    "PhaseEncodingSteps": 45,
    "PhaseResolution": 1,
    "PixelBandwidth": 1095,
    "ProcedureStepDescription": "Mara_Kaoru",
    "ProtocolName": "Resting_State",
    "PulseSequenceDetails": "%CustomerSeq%_cmrr_mbep2d_bold",
    "ReceiveCoilActiveElements": "HEA;HEP",
    "ReceiveCoilName": "Head_32",
    "ReconMatrixPE": 80,
    "RepetitionTime": 2.4,
    "SAR": 0.0309874,
    "ScanOptions": "PFP_FS",
    "ScanningSequence": "EP",
    "SequenceName": "epfid2d3_52",
    "SequenceVariant": "SK_SS",
    "SeriesDescription": "Resting_State",
    "SeriesInstanceUID": "1.3.12.2.1107.5.2.43.67025.201811141137289804992611.0.0.0",
    "SeriesNumber": 18,
    "ShimSetting": [
        -7794,
        -10016,
        11437,
        84,
        66,
        1025,
        310,
        -87
    ],
    "SliceThickness": 3,
    "SliceTiming": [
        1.19,
        0,
        1.27,
        0.08,
        1.3475,
        0.1575,
        1.4275,
        0.2375,
        1.5075,
        0.3175,
        1.585,
        0.395,
        1.665,
        0.475,
        1.745,
        0.555,
        1.825,
        0.635,
        1.9025,
        0.7125,
        1.9825,
        0.7925,
        2.0625,
        0.8725,
        2.1425,
        0.9525,
        2.22,
        1.03,
        2.3,
        1.11
    ],
    "SoftwareVersions": "syngo_MR_E11",
    "SpacingBetweenSlices": 3.99,
    "StationName": "MRC35039",
    "StudyID": "1",
    "StudyInstanceUID": "1.3.12.2.1107.5.2.43.67025.30000018111416484369700000004",
    "TaskName": "trainingMimicking",
    "TotalReadoutTime": 0.017459,
    "TxRefAmp": 226.479,
    "WipMemBlock": "2c23c3b7-45f2-483d-850c-fa0c1de5e356||Sequence: R016 ve11b/master r/d985c4e; Nov 27 2017 16:19:23 by eja"
}