{
    "AcquisitionDateTime": "2019-03-12T13:00:11.402500",
    "AcquisitionMatrixPE": 52,
    "AcquisitionNumber": 1,
    "AcquisitionTime": "13:00:11.402500",
    "BandwidthPerPixelPhaseEncode": 56.561,
    "BaseResolution": 80,
    "BodyPartExamined": "BRAIN",
    "ConsistencyInfo": "N4_VE11B_LATEST_20150530",
    "ConversionSoftware": "dcm2niix",
    "ConversionSoftwareVersion": "v1.0.20181114  (JP2:OpenJPEG) GCC4.8.4",
    "DerivedVendorReportedEchoSpacing": 0.000663001,
    "DeviceSerialNumber": "67025",
    "DwellTime": 5.7e-06,
    "EchoTime": 0.018,
    "EchoTrainLength": 15,
    "EffectiveEchoSpacing": 0.000221,
    "FlipAngle": 75,
    "ImageOrientationPatientDICOM": [
        0.99714,
        0.0103363,
        0.0748695,
        0.00261051,
        0.985303,
        -0.170796
    ],
    "ImageType": [
        "ORIGINAL",
        "PRIMARY",
        "M",
        "TE1",
        "ND",
        "MOSAIC"
    ],
    "ImagingFrequency": 123.225,
    "InPlanePhaseEncodingDirectionDICOM": "ROW",
    "InstitutionAddress": "McClintock_3520A_Los_Angeles_SVC0e0594213b1104_CA_US_90089",
    "InstitutionName": "USC",
    "InstitutionalDepartmentName": "Department",
    "MRAcquisitionType": "2D",
    "MagneticFieldStrength": 3,
    "Manufacturer": "Siemens",
    "ManufacturersModelName": "Prisma_fit",
    "Modality": "MR",
    "ParallelReductionFactorInPlane": 3,
    "PartialFourier": 0.875,
    "PatientBirthDate": "1996-01-01",
    "PatientID": "19.03.12-12:14:59-DST-1.3.12.2.1107.5.2.43.67025",
    "PatientName": "10549MM",
    "PatientPosition": "HFS",
    "PatientSex": "F",
    "PatientWeight": 63.2194,
    "PercentPhaseFOV": 65,
    "PhaseEncodingDirection": "i",
    "PhaseEncodingSteps": 45,
    "PhaseResolution": 1,
    "PixelBandwidth": 1095,
    "ProcedureStepDescription": "post",
    "ProtocolName": "Task2",
    "PulseSequenceDetails": "%CustomerSeq%_cmrr_mbep2d_bold",
    "ReceiveCoilActiveElements": "HEA;HEP",
    "ReceiveCoilName": "Head_32",
    "ReconMatrixPE": 80,
    "RepetitionTime": 2.4,
    "SAR": 0.0207655,
    "ScanOptions": "PFP_FS",
    "ScanningSequence": "EP",
    "SequenceName": "epfid2d3_52",
    "SequenceVariant": "SK_SS",
    "SeriesDescription": "Task2",
    "SeriesInstanceUID": "1.3.12.2.1107.5.2.43.67025.2019031212595652092653995.0.0.0",
    "SeriesNumber": 13,
    "ShimSetting": [
        -7791,
        -10215,
        11610,
        420,
        109,
        496,
        -90,
        -6
    ],
    "SliceThickness": 3,
    "SliceTiming": [
        1.19,
        0,
        1.27,
        0.08,
        1.35,
        0.16,
        1.43,
        0.24,
        1.5075,
        0.3175,
        1.5875,
        0.3975,
        1.6675,
        0.4775,
        1.7475,
        0.5575,
        1.825,
        0.635,
        1.905,
        0.715,
        1.985,
        0.795,
        2.0625,
        0.8725,
        2.1425,
        0.9525,
        2.2225,
        1.0325,
        2.3025,
        1.1125
    ],
    "SoftwareVersions": "syngo_MR_E11",
    "SpacingBetweenSlices": 3.99,
    "StationName": "MRC35039",
    "StudyID": "1",
    "StudyInstanceUID": "1.3.12.2.1107.5.2.43.67025.30000019031215372458100000004",
    "TaskName": "ultimatumGame",
    "TotalReadoutTime": 0.017459,
    "TxRefAmp": 227.69,
    "WipMemBlock": "906e5e9c-b8dc-4541-99a9-551b9943775a||Sequence: R016 ve11b/master r/d985c4e; Nov 27 2017 16:19:23 by eja"
}