{
    "AcquisitionDateTime": "2018-12-03T14:28:25.835000",
    "AcquisitionMatrixPE": 63,
    "AcquisitionNumber": 1,
    "AcquisitionTime": "14:28:25.835000",
    "AcquisitionVoxelSize": [
        2.5,
        2.5,
        3.0
    ],
    "ArterialSpinLabelingType": "PCASL",
    "BackgroundSuppression": true,
    "BaseResolution": 96,
    "BodyPartExamined": "BRAIN",
    "ConsistencyInfo": "N4_VE11B_LATEST_20150530",
    "ConversionSoftware": "dcm2niix",
    "ConversionSoftwareVersion": "v1.0.20180918  (JP2:OpenJPEG) GCC4.8.4",
    "DeviceSerialNumber": "67025",
    "DwellTime": 2.1e-06,
    "EchoTime": 0.03648,
    "EchoTrainLength": 63,
    "FlipAngle": 120,
    "ImageOrientationPatientDICOM": [
        0.994026,
        -0.0857174,
        0.0675684,
        0.0883647,
        0.995393,
        -0.0372111
    ],
    "ImageType": [
        "ORIGINAL",
        "PRIMARY",
        "ASL",
        "NONE",
        "ND",
        "MOSAIC"
    ],
    "InPlanePhaseEncodingDirectionDICOM": "COL",
    "InstitutionAddress": "McClintock_3520A_Los_Angeles_SVC0e0594213b1104_CA_US_90089",
    "InstitutionName": "USC",
    "InstitutionalDepartmentName": "Department",
    "LabelingDuration": 1.517,
    "M0Type": "Separate",
    "MRAcquisitionType": "3D",
    "MagneticFieldStrength": 3,
    "Manufacturer": "Siemens",
    "ManufacturersModelName": "Prisma_fit",
    "Modality": "MR",
    "MultibandAccelerationFactor": 40,
    "PartialFourier": 1,
    "PatientID": "18.12.03-13:10:56-STD-1.3.12.2.1107.5.2.43.67025",
    "PatientName": "10354MM",
    "PatientPosition": "HFS",
    "PatientSex": "F",
    "PatientWeight": 82.5538,
    "PercentPhaseFOV": 100,
    "PhaseEncodingSteps": 63,
    "PhaseResolution": 0.65625,
    "PixelBandwidth": 2480,
    "PostLabelingDelay": 1.8,
    "ProcedureStepDescription": "Mara_Kaoru",
    "ProtocolName": "Wholebrain_ASL",
    "PulseSequenceDetails": "%CustomerSeq%_tgse_pcasl_ve11b",
    "PulseSequenceType": "ASL",
    "ReceiveCoilActiveElements": "HEA;HEP",
    "ReceiveCoilName": "Head_32",
    "ReconMatrixPE": 96,
    "RepetitionTime": 3.88,
    "RepetitionTimeExcitation": 0.00053,
    "RepetitionTimePreparation": 3.88,
    "SAR": 0.0942619,
    "ScanOptions": "FS",
    "ScanningSequence": "EP",
    "SequenceName": "tgse3d1_3024",
    "SequenceVariant": "SK",
    "SeriesDescription": "Wholebrain_ASL",
    "SeriesInstanceUID": "1.3.12.2.1107.5.2.43.67025.201812031428159108543217.0.0.0",
    "SeriesNumber": 15,
    "ShimSetting": [
        -7779,
        -10213,
        11798,
        713,
        73,
        113,
        -454,
        -85
    ],
    "SliceThickness": 3,
    "SliceTiming": [
        0,
        0,
        0,
        0,
        0,
        0,
        0,
        0,
        0,
        0,
        0,
        0,
        0,
        0,
        0,
        0,
        0,
        0,
        0,
        0,
        0,
        0,
        0,
        0,
        0,
        0,
        0,
        0,
        0,
        0,
        0,
        0,
        0,
        0,
        0,
        0,
        0,
        0,
        0,
        0
    ],
    "SoftwareVersions": "syngo_MR_E11",
    "SpacingBetweenSlices": 3,
    "StationName": "MRC35039",
    "StudyID": "1",
    "StudyInstanceUID": "1.3.12.2.1107.5.2.43.67025.30000018120321181288900000001",
    "TotalAcquiredPairs": 10,
    "TxRefAmp": 254.264
}