{
    "AcquisitionDateTime": "2018-11-07T14:18:48.822500",
    "AcquisitionMatrixPE": 63,
    "AcquisitionNumber": 1,
    "AcquisitionTime": "14:18:48.822500",
    "AcquisitionVoxelSize": [
        2.5,
        2.5,
        3.0
    ],
    "ArterialSpinLabelingType": "PCASL",
    "BackgroundSuppression": true,
    "BaseResolution": 96,
    "BodyPartExamined": "BRAIN",
    "ConsistencyInfo": "N4_VE11B_LATEST_20150530",
    "ConversionSoftware": "dcm2niix",
    "ConversionSoftwareVersion": "v1.0.20180918  (JP2:OpenJPEG) GCC4.8.4",
    "DeviceSerialNumber": "67025",
    "DwellTime": 2.1e-06,
    "EchoTime": 0.03648,
    "EchoTrainLength": 63,
    "FlipAngle": 120,
    "ImageOrientationPatientDICOM": [
        0.999994,
        0.000307669,
        -0.0033848,
        -2.3488e-08,
        0.995895,
        0.0905172
    ],
    "ImageType": [
        "ORIGINAL",
        "PRIMARY",
        "ASL",
        "NONE",
        "ND",
        "MOSAIC"
    ],
    "InPlanePhaseEncodingDirectionDICOM": "COL",
    "InstitutionAddress": "McClintock_3520A_Los_Angeles_SVC0e0594213b1104_CA_US_90089",
    "InstitutionName": "USC",
    "InstitutionalDepartmentName": "Department",
    "LabelingDuration": 1.517,
    "M0Type": "Separate",
    "MRAcquisitionType": "3D",
    "MagneticFieldStrength": 3,
    "Manufacturer": "Siemens",
    "ManufacturersModelName": "Prisma_fit",
    "Modality": "MR",
    "MultibandAccelerationFactor": 40,
    "PartialFourier": 1,
    "PatientID": "18.11.07-13:12:56-STD-1.3.12.2.1107.5.2.43.67025",
    "PatientName": "10287MM",
    "PatientPosition": "HFS",
    "PatientSex": "F",
    "PatientWeight": 64.1833,
    "PercentPhaseFOV": 100,
    "PhaseEncodingSteps": 63,
    "PhaseResolution": 0.65625,
    "PixelBandwidth": 2480,
    "PostLabelingDelay": 1.8,
    "ProcedureStepDescription": "Mara_Kaoru",
    "ProtocolName": "Wholebrain_ASL",
    "PulseSequenceDetails": "%CustomerSeq%_tgse_pcasl_ve11b",
    "PulseSequenceType": "ASL",
    "ReceiveCoilActiveElements": "HEA;HEP",
    "ReceiveCoilName": "Head_32",
    "ReconMatrixPE": 96,
    "RepetitionTime": 3.88,
    "RepetitionTimeExcitation": 0.00053,
    "RepetitionTimePreparation": 3.88,
    "SAR": 0.0899281,
    "ScanOptions": "FS",
    "ScanningSequence": "EP",
    "SequenceName": "tgse3d1_3024",
    "SequenceVariant": "SK",
    "SeriesDescription": "Wholebrain_ASL",
    "SeriesInstanceUID": "1.3.12.2.1107.5.2.43.67025.20181107141838350286870.0.0.0",
    "SeriesNumber": 15,
    "ShimSetting": [
        -7795,
        -10334,
        11732,
        686,
        15,
        -109,
        58,
        -32
    ],
    "SliceThickness": 3,
    "SliceTiming": [
        0,
        0,
        0,
        0,
        0,
        0,
        0,
        0,
        0,
        0,
        0,
        0,
        0,
        0,
        0,
        0,
        0,
        0,
        0,
        0,
        0,
        0,
        0,
        0,
        0,
        0,
        0,
        0,
        0,
        0,
        0,
        0,
        0,
        0,
        0,
        0,
        0,
        0,
        0,
        0
    ],
    "SoftwareVersions": "syngo_MR_E11",
    "SpacingBetweenSlices": 3,
    "StationName": "MRC35039",
    "StudyID": "1",
    "StudyInstanceUID": "1.3.12.2.1107.5.2.43.67025.30000018110717470701300000010",
    "TotalAcquiredPairs": 10,
    "TxRefAmp": 236.558
}