{
    "AcquisitionDateTime": "2018-11-06T10:51:24.972500",
    "AcquisitionMatrixPE": 52,
    "AcquisitionNumber": 1,
    "AcquisitionTime": "10:51:24.972500",
    "BandwidthPerPixelPhaseEncode": 56.561,
    "BaseResolution": 80,
    "BodyPartExamined": "BRAIN",
    "ConsistencyInfo": "N4_VE11B_LATEST_20150530",
    "ConversionSoftware": "dcm2niix",
    "ConversionSoftwareVersion": "v1.0.20180918  (JP2:OpenJPEG) GCC4.8.4",
    "DerivedVendorReportedEchoSpacing": 0.000663001,
    "DeviceSerialNumber": "67025",
    "DwellTime": 5.7e-06,
    "EchoTime": 0.018,
    "EchoTrainLength": 15,
    "EffectiveEchoSpacing": 0.000221,
    "FlipAngle": 75,
    "ImageOrientationPatientDICOM": [
        0.995495,
        0.0948143,
        3.54981e-05,
        -0.0948032,
        0.995373,
        0.0156695
    ],
    "ImageType": [
        "ORIGINAL",
        "PRIMARY",
        "M",
        "TE1",
        "ND",
        "MOSAIC"
    ],
    "InPlanePhaseEncodingDirectionDICOM": "ROW",
    "InstitutionAddress": "McClintock_3520A_Los_Angeles_SVC0e0594213b1104_CA_US_90089",
    "InstitutionName": "USC",
    "InstitutionalDepartmentName": "Department",
    "MRAcquisitionType": "2D",
    "MagneticFieldStrength": 3,
    "Manufacturer": "Siemens",
    "ManufacturersModelName": "Prisma_fit",
    "Modality": "MR",
    "ParallelReductionFactorInPlane": 3,
    "PartialFourier": 0.875,
    "PatientID": "18.11.06-09:52:40-STD-1.3.12.2.1107.5.2.43.67025",
    "PatientName": "10282MM",
    "PatientPosition": "HFS",
    "PatientSex": "F",
    "PatientWeight": 57.3227,
    "PercentPhaseFOV": 65,
    "PhaseEncodingDirection": "i",
    "PhaseEncodingSteps": 45,
    "PhaseResolution": 1,
    "PixelBandwidth": 1095,
    "ProcedureStepDescription": "Mara_Kaoru",
    "ProtocolName": "Resting_State",
    "PulseSequenceDetails": "%CustomerSeq%_cmrr_mbep2d_bold",
    "ReceiveCoilActiveElements": "HEA;HEP",
    "ReceiveCoilName": "Head_32",
    "ReconMatrixPE": 80,
    "RepetitionTime": 2.4,
    "SAR": 0.0248487,
    "ScanOptions": "PFP_FS",
    "ScanningSequence": "EP",
    "SequenceName": "epfid2d3_52",
    "SequenceVariant": "SK_SS",
    "SeriesDescription": "Resting_State",
    "SeriesInstanceUID": "1.3.12.2.1107.5.2.43.67025.2018110610510941195221072.0.0.0",
    "SeriesNumber": 14,
    "ShimSetting": [
        -7802,
        -10349,
        11784,
        605,
        39,
        105,
        52,
        51
    ],
    "SliceThickness": 3,
    "SliceTiming": [
        1.19,
        0,
        1.2675,
        0.0775,
        1.3475,
        0.1575,
        1.4275,
        0.2375,
        1.5075,
        0.3175,
        1.585,
        0.395,
        1.665,
        0.475,
        1.745,
        0.555,
        1.825,
        0.635,
        1.9025,
        0.7125,
        1.9825,
        0.7925,
        2.0625,
        0.8725,
        2.14,
        0.9525,
        2.22,
        1.03,
        2.3,
        1.11
    ],
    "SoftwareVersions": "syngo_MR_E11",
    "SpacingBetweenSlices": 3.99,
    "StationName": "MRC35039",
    "StudyID": "1",
    "StudyInstanceUID": "1.3.12.2.1107.5.2.43.67025.30000018110616390189300000004",
    "TaskName": "trainingMimicking",
    "TotalReadoutTime": 0.017459,
    "TxRefAmp": 230.924,
    "WipMemBlock": "ad21f01d-8639-4888-b9a3-5030b99b4245||Sequence: R016 ve11b/master r/d985c4e; Nov 27 2017 16:19:23 by eja"
}