{
    "AcquisitionDateTime": "2019-01-23T10:14:8.575000",
    "AcquisitionMatrixPE": 52,
    "AcquisitionNumber": 1,
    "AcquisitionTime": "10:14:8.575000",
    "BandwidthPerPixelPhaseEncode": 56.561,
    "BaseResolution": 80,
    "BodyPartExamined": "BRAIN",
    "ConsistencyInfo": "N4_VE11B_LATEST_20150530",
    "ConversionSoftware": "dcm2niix",
    "ConversionSoftwareVersion": "v1.0.20180918  (JP2:OpenJPEG) GCC4.8.4",
    "DerivedVendorReportedEchoSpacing": 0.000663001,
    "DeviceSerialNumber": "67025",
    "DwellTime": 5.7e-06,
    "EchoNumber": 2,
    "EchoTime": 0.03559,
    "EchoTrainLength": 15,
    "EffectiveEchoSpacing": 0.000221,
    "FlipAngle": 75,
    "ImageOrientationPatientDICOM": [
        0.999044,
        0.0436615,
        0.00225464,
        -0.0436192,
        0.998916,
        -0.016266
    ],
    "ImageType": [
        "ORIGINAL",
        "PRIMARY",
        "M",
        "TE2",
        "ND",
        "MOSAIC"
    ],
    "InPlanePhaseEncodingDirectionDICOM": "ROW",
    "InstitutionAddress": "McClintock_3520A_Los_Angeles_SVC0e0594213b1104_CA_US_90089",
    "InstitutionName": "USC",
    "InstitutionalDepartmentName": "Department",
    "MRAcquisitionType": "2D",
    "MagneticFieldStrength": 3,
    "Manufacturer": "Siemens",
    "ManufacturersModelName": "Prisma_fit",
    "Modality": "MR",
    "ParallelReductionFactorInPlane": 3,
    "PartialFourier": 0.875,
    "PatientID": "19.01.23-09:54:05-STD-1.3.12.2.1107.5.2.43.67025",
    "PatientName": "10420MM",
    "PatientPosition": "HFS",
    "PatientSex": "F",
    "PatientWeight": 54.6579,
    "PercentPhaseFOV": 65,
    "PhaseEncodingDirection": "i",
    "PhaseEncodingSteps": 45,
    "PhaseResolution": 1,
    "PixelBandwidth": 1095,
    "ProcedureStepDescription": "pre",
    "ProtocolName": "Resting_State",
    "PulseSequenceDetails": "%CustomerSeq%_cmrr_mbep2d_bold",
    "ReceiveCoilActiveElements": "HEA;HEP",
    "ReceiveCoilName": "Head_32",
    "ReconMatrixPE": 80,
    "ReferringPhysicianName": "-",
    "RepetitionTime": 2.4,
    "SAR": 0.0213372,
    "ScanOptions": "PFP_FS",
    "ScanningSequence": "EP",
    "SequenceName": "epfid2d3_52",
    "SequenceVariant": "SK_SS",
    "SeriesDescription": "Resting_State",
    "SeriesInstanceUID": "1.3.12.2.1107.5.2.43.67025.2019012310135338436917898.0.0.0",
    "SeriesNumber": 6,
    "ShimSetting": [
        -7778,
        -10349,
        11628,
        421,
        137,
        -195,
        -214,
        33
    ],
    "SliceThickness": 3,
    "SliceTiming": [
        1.19,
        0,
        1.27,
        0.08,
        1.35,
        0.16,
        1.4275,
        0.2375,
        1.5075,
        0.3175,
        1.5875,
        0.3975,
        1.665,
        0.4775,
        1.745,
        0.555,
        1.825,
        0.635,
        1.905,
        0.715,
        1.9825,
        0.7925,
        2.0625,
        0.8725,
        2.1425,
        0.9525,
        2.2225,
        1.0325,
        2.3,
        1.11
    ],
    "SoftwareVersions": "syngo_MR_E11",
    "SpacingBetweenSlices": 3.99,
    "StationName": "MRC35039",
    "StudyID": "1",
    "StudyInstanceUID": "1.3.12.2.1107.5.2.43.67025.30000019012316400925900000004",
    "TaskName": "rest",
    "TotalReadoutTime": 0.017459,
    "TxRefAmp": 220.285,
    "WipMemBlock": "6adc29c6-5bf8-47cb-b735-f0384040e94b||Sequence: R016 ve11b/master r/d985c4e; Nov 27 2017 16:19:23 by eja"
}