{
    "AcquisitionDateTime": "2018-03-30T13:11:31.882500",
    "AcquisitionMatrixPE": 63,
    "AcquisitionNumber": 1,
    "AcquisitionTime": "13:11:31.882500",
    "AcquisitionVoxelSize": [
        2.5,
        2.5,
        3.0
    ],
    "ArterialSpinLabelingType": "PCASL",
    "BackgroundSuppression": true,
    "BaseResolution": 96,
    "BodyPartExamined": "BRAIN",
    "ConsistencyInfo": "N4_VE11B_LATEST_20150530",
    "ConversionSoftware": "dcm2niix",
    "ConversionSoftwareVersion": "v1.0.20180918  (JP2:OpenJPEG) GCC4.8.4",
    "DeviceSerialNumber": "67025",
    "DwellTime": 2.1e-06,
    "EchoTime": 0.03648,
    "EchoTrainLength": 63,
    "FlipAngle": 120,
    "ImageOrientationPatientDICOM": [
        1,
        -2.93293e-05,
        0.00022352,
        -5.77791e-08,
        0.991467,
        0.130354
    ],
    "ImageType": [
        "ORIGINAL",
        "PRIMARY",
        "ASL",
        "NONE",
        "ND",
        "MOSAIC"
    ],
    "InPlanePhaseEncodingDirectionDICOM": "COL",
    "InstitutionAddress": "McClintock_3520A_Los_Angeles_SVC0e0594213b1104_CA_US_90089",
    "InstitutionName": "USC",
    "InstitutionalDepartmentName": "Department",
    "LabelingDuration": 1.517,
    "M0Type": "Separate",
    "MRAcquisitionType": "3D",
    "MagneticFieldStrength": 3,
    "Manufacturer": "Siemens",
    "ManufacturersModelName": "Prisma_fit",
    "Modality": "MR",
    "MultibandAccelerationFactor": 40,
    "PartialFourier": 1,
    "PatientID": "18.03.30-11:56:25-DST-1.3.12.2.1107.5.2.43.67025",
    "PatientName": "9879MM",
    "PatientPosition": "HFS",
    "PatientSex": "F",
    "PatientWeight": 63.2194,
    "PercentPhaseFOV": 100,
    "PhaseEncodingSteps": 63,
    "PhaseResolution": 0.65625,
    "PixelBandwidth": 2480,
    "PostLabelingDelay": 1.8,
    "ProcedureStepDescription": "Mara_Kaoru",
    "ProtocolName": "Wholebrain_ASL",
    "PulseSequenceDetails": "%CustomerSeq%_tgse_pcasl_ve11b",
    "PulseSequenceType": "ASL",
    "ReceiveCoilActiveElements": "HEA;HEP",
    "ReceiveCoilName": "Head_32",
    "ReconMatrixPE": 96,
    "RepetitionTime": 3.88,
    "RepetitionTimeExcitation": 0.00053,
    "RepetitionTimePreparation": 3.88,
    "SAR": 0.0993004,
    "ScanOptions": "FS",
    "ScanningSequence": "EP",
    "SequenceName": "tgse3d1_3024",
    "SequenceVariant": "SK",
    "SeriesDescription": "Wholebrain_ASL",
    "SeriesInstanceUID": "1.3.12.2.1107.5.2.43.67025.2018033013112113109499264.0.0.0",
    "SeriesNumber": 13,
    "ShimSetting": [
        -7792,
        -10392,
        11838,
        655,
        -18,
        28,
        209,
        31
    ],
    "SliceThickness": 3,
    "SliceTiming": [
        0,
        0,
        0,
        0,
        0,
        0,
        0,
        0,
        0,
        0,
        0,
        0,
        0,
        0,
        0,
        0,
        0,
        0,
        0,
        0,
        0,
        0,
        0,
        0,
        0,
        0,
        0,
        0,
        0,
        0,
        0,
        0,
        0,
        0,
        0,
        0,
        0,
        0,
        0,
        0
    ],
    "SoftwareVersions": "syngo_MR_E11",
    "SpacingBetweenSlices": 3,
    "StationName": "MRC35039",
    "StudyID": "1",
    "StudyInstanceUID": "1.3.12.2.1107.5.2.43.67025.30000018033015345278400000007",
    "TotalAcquiredPairs": 10,
    "TxRefAmp": 237.946
}