{
    "AcquisitionMatrixPE": 384,
    "AcquisitionNumber": 1,
    "AcquisitionTime": "12:32:49.932500",
    "BaseResolution": 512,
    "BodyPartExamined": "BRAIN",
    "ConsistencyInfo": "N4_VE11B_LATEST_20150530",
    "ConversionSoftware": "dcm2niix",
    "ConversionSoftwareVersion": "v1.0.20181114  GCC7.3.0",
    "DeviceSerialNumber": "67025",
    "DwellTime": 3.4e-06,
    "EchoTime": 0.012,
    "EchoTrainLength": 3,
    "FlipAngle": 120,
    "ImageOrientationPatientDICOM": [
        0.999749,
        0.00291492,
        -0.0222251,
        4.6319e-11,
        0.991509,
        0.130041
    ],
    "ImageType": [
        "ORIGINAL",
        "PRIMARY",
        "M",
        "ND",
        "NORM"
    ],
    "ImagingFrequency": 123.225,
    "InPlanePhaseEncodingDirectionDICOM": "ROW",
    "InstitutionAddress": "McClintock_3520A_Los_Angeles_SVC0e0594213b1104_CA_US_90089",
    "InstitutionName": "USC",
    "InstitutionalDepartmentName": "Department",
    "MRAcquisitionType": "2D",
    "MagneticFieldStrength": 3,
    "Manufacturer": "Siemens",
    "ManufacturersModelName": "Prisma_fit",
    "Modality": "MR",
    "PartialFourier": 1,
    "PatientPosition": "HFS",
    "PercentPhaseFOV": 100,
    "PhaseEncodingDirection": "i",
    "PhaseEncodingSteps": 444,
    "PhaseOversampling": 0.15,
    "PhaseResolution": 0.75,
    "PixelBandwidth": 285,
    "ProcedureStepDescription": "post",
    "ProtocolName": "LC",
    "PulseSequenceDetails": "%SiemensSeq%_tse",
    "ReceiveCoilActiveElements": "HEA;HEP",
    "ReceiveCoilName": "Head_32",
    "ReconMatrixPE": 512,
    "RepetitionTime": 0.75,
    "SAR": 0.25897,
    "ScanningSequence": "SE",
    "SequenceName": "_tse2d1rs3",
    "SequenceVariant": "SK_SP_OSP",
    "SeriesDescription": "LC",
    "SeriesNumber": 17,
    "ShimSetting": [
        -7812,
        -10291,
        11538,
        106,
        5,
        16,
        -30,
        5
    ],
    "SliceThickness": 2.5,
    "SoftwareVersions": "syngo_MR_E11",
    "SpacingBetweenSlices": 3.5,
    "StationName": "MRC35039",
    "TxRefAmp": 236.101
}