{
    "AcquisitionDateTime": "2018-08-29T08:52:39.827500",
    "AcquisitionMatrixPE": 63,
    "AcquisitionNumber": 1,
    "AcquisitionTime": "08:52:39.827500",
    "AcquisitionVoxelSize": [
        2.5,
        2.5,
        3.0
    ],
    "ArterialSpinLabelingType": "PCASL",
    "BackgroundSuppression": true,
    "BaseResolution": 96,
    "BodyPartExamined": "BRAIN",
    "ConsistencyInfo": "N4_VE11B_LATEST_20150530",
    "ConversionSoftware": "dcm2niix",
    "ConversionSoftwareVersion": "v1.0.20180328 (OpenJPEG build) GCC4.8.4",
    "DeviceSerialNumber": "67025",
    "DwellTime": 2.1e-06,
    "EchoTime": 0.03648,
    "EchoTrainLength": 63,
    "FlipAngle": 120,
    "ImageOrientationPatientDICOM": [
        0.999995,
        -0.000572998,
        0.00319543,
        -4.14673e-08,
        0.984298,
        0.176515
    ],
    "ImageType": [
        "ORIGINAL",
        "PRIMARY",
        "ASL",
        "NONE",
        "ND",
        "MOSAIC"
    ],
    "InPlanePhaseEncodingDirectionDICOM": "COL",
    "InstitutionAddress": "McClintock_3520A_Los_Angeles_SVC0e0594213b1104_CA_US_90089",
    "InstitutionName": "USC",
    "InstitutionalDepartmentName": "Department",
    "LabelingDuration": 1.517,
    "M0Type": "Separate",
    "MRAcquisitionType": "3D",
    "MagneticFieldStrength": 3,
    "Manufacturer": "Siemens",
    "ManufacturersModelName": "Prisma_fit",
    "Modality": "MR",
    "MultibandAccelerationFactor": 40,
    "PartialFourier": 1,
    "PatientID": "18.08.29-07:54:00-DST-1.3.12.2.1107.5.2.43.67025",
    "PatientName": "10138MM",
    "PatientPosition": "HFS",
    "PatientSex": "F",
    "PatientWeight": 59.8742,
    "PercentPhaseFOV": 100,
    "PhaseEncodingSteps": 63,
    "PhaseResolution": 0.65625,
    "PixelBandwidth": 2480,
    "PostLabelingDelay": 1.8,
    "ProcedureStepDescription": "Mara_Kaoru",
    "ProtocolName": "Wholebrain_ASL",
    "PulseSequenceDetails": "%CustomerSeq%_tgse_pcasl_ve11b",
    "PulseSequenceType": "ASL",
    "ReceiveCoilActiveElements": "HEA;HEP",
    "ReceiveCoilName": "Head_32",
    "ReconMatrixPE": 96,
    "RepetitionTime": 3.88,
    "RepetitionTimeExcitation": 0.00053,
    "RepetitionTimePreparation": 3.88,
    "SAR": 0.0963054,
    "ScanOptions": "FS",
    "ScanningSequence": "EP",
    "SequenceName": "tgse3d1_3024",
    "SequenceVariant": "SK",
    "SeriesDescription": "Wholebrain_ASL",
    "SeriesInstanceUID": "1.3.12.2.1107.5.2.43.67025.2018082908522914268008991.0.0.0",
    "SeriesNumber": 20,
    "ShimSetting": [
        -7800,
        -10350,
        11674,
        585,
        -72,
        -8,
        -202,
        -23
    ],
    "SliceThickness": 3,
    "SliceTiming": [
        0,
        0,
        0,
        0,
        0,
        0,
        0,
        0,
        0,
        0,
        0,
        0,
        0,
        0,
        0,
        0,
        0,
        0,
        0,
        0,
        0,
        0,
        0,
        0,
        0,
        0,
        0,
        0,
        0,
        0,
        0,
        0,
        0,
        0,
        0,
        0,
        0,
        0,
        0,
        0
    ],
    "SoftwareVersions": "syngo_MR_E11",
    "SpacingBetweenSlices": 3,
    "StationName": "MRC35039",
    "StudyID": "1",
    "StudyInstanceUID": "1.3.12.2.1107.5.2.43.67025.30000018082914553736400000001",
    "TotalAcquiredPairs": 10,
    "TxRefAmp": 232.877
}