{
    "AcquisitionDateTime": "2018-06-07T11:37:31.375000",
    "AcquisitionMatrixPE": 52,
    "AcquisitionNumber": 1,
    "AcquisitionTime": "11:37:31.375000",
    "BandwidthPerPixelPhaseEncode": 56.561,
    "BaseResolution": 80,
    "BodyPartExamined": "BRAIN",
    "ConsistencyInfo": "N4_VE11B_LATEST_20150530",
    "ConversionSoftware": "dcm2niix",
    "ConversionSoftwareVersion": "v1.0.20190410  (JP2:OpenJPEG) GCC4.8.4",
    "DerivedVendorReportedEchoSpacing": 0.00102,
    "DeviceSerialNumber": "67025",
    "DwellTime": 5.7e-06,
    "EchoNumber": 3,
    "EchoTime": 0.05318,
    "EchoTrainLength": 15,
    "EffectiveEchoSpacing": 0.000340001,
    "FlipAngle": 75,
    "ImageOrientationPatientDICOM": [
        0.993735,
        -0.0442464,
        0.102629,
        0.0550365,
        0.992968,
        -0.104808
    ],
    "ImageType": [
        "ORIGINAL",
        "PRIMARY",
        "M",
        "TE3",
        "ND",
        "MOSAIC"
    ],
    "ImagingFrequency": 123.225,
    "InPlanePhaseEncodingDirectionDICOM": "ROW",
    "InstitutionAddress": "McClintock_3520A_Los_Angeles_SVC0e0594213b1104_CA_US_90089",
    "InstitutionName": "USC",
    "InstitutionalDepartmentName": "Department",
    "MRAcquisitionType": "2D",
    "MagneticFieldStrength": 3,
    "Manufacturer": "Siemens",
    "ManufacturersModelName": "Prisma_fit",
    "Modality": "MR",
    "ParallelReductionFactorInPlane": 3,
    "PartialFourier": 0.875,
    "PatientBirthDate": "1994-01-01",
    "PatientID": "18.06.07-11:15:26-DST-1.3.12.2.1107.5.2.43.67025",
    "PatientName": "9999MM",
    "PatientPosition": "HFS",
    "PatientSex": "M",
    "PatientWeight": 81.193,
    "PercentPhaseFOV": 65,
    "PhaseEncodingDirection": "i",
    "PhaseEncodingSteps": 45,
    "PhaseResolution": 1,
    "PixelBandwidth": 1095,
    "ProcedureStepDescription": "Mara_Kaoru",
    "ProtocolName": "Resting_State",
    "PulseSequenceDetails": "%CustomerSeq%_cmrr_mbep2d_bold",
    "ReceiveCoilActiveElements": "HEA;HEP",
    "ReceiveCoilName": "Head_32",
    "ReconMatrixPE": 52,
    "RefLinesPE": 36,
    "RepetitionTime": 2.4,
    "SAR": 0.0313432,
    "ScanOptions": "PFP_FS",
    "ScanningSequence": "EP",
    "SequenceName": "epfid2d3_52",
    "SequenceVariant": "SK_SS",
    "SeriesDescription": "Resting_State",
    "SeriesInstanceUID": "1.3.12.2.1107.5.2.43.67025.2018060711371532752192318.0.0.0",
    "SeriesNumber": 6,
    "ShimSetting": [
        -7781,
        -10300,
        11762,
        424,
        85,
        -132,
        -41,
        -99
    ],
    "SliceThickness": 3,
    "SliceTiming": [
        1.19,
        0,
        1.2675,
        0.0775,
        1.3475,
        0.1575,
        1.4275,
        0.2375,
        1.5075,
        0.3175,
        1.585,
        0.395,
        1.665,
        0.475,
        1.745,
        0.555,
        1.825,
        0.635,
        1.9025,
        0.7125,
        1.9825,
        0.7925,
        2.0625,
        0.8725,
        2.14,
        0.95,
        2.22,
        1.03,
        2.3,
        1.11
    ],
    "SoftwareVersions": "syngo_MR_E11",
    "SpacingBetweenSlices": 3.99,
    "StationName": "MRC35039",
    "StudyID": "1",
    "StudyInstanceUID": "1.3.12.2.1107.5.2.43.67025.30000018060715330185300000007",
    "TaskName": "rest",
    "TotalReadoutTime": 0.01734,
    "TxRefAmp": 278.676,
    "WipMemBlock": "6acc0f2f-036f-4ec2-b3a3-0a8176134045||Sequence: R016 ve11b/master r/d985c4e; Nov 27 2017 16:19:23 by eja"
}